GEM
  remote: https://rubygems.org/
  specs:
    bourbon (4.0.2)
      sass (~> 3.3)
      thor
    neat (1.6.0)
      bourbon (>= 3.1)
      sass (>= 3.3)
    sass (3.3.5)
    thor (0.19.1)

PLATFORMS
  ruby

DEPENDENCIES
  bourbon (~> 4.0.2)
  neat (~> 1.6.0)
  sass (= 3.3.5)
